GEM
  remote: https://rubygems.org/
  specs:
    bacon (1.2.0)
    coderay (1.1.0)
    method_source (0.8.2)
    mysql2 (0.3.16)
    pry (0.10.1)
      coderay (~> 1.1.0)
      method_source (~> 0.8.1)
      slop (~> 3.4)
    rack (1.5.2)
    rack-protection (1.5.1)
      rack
    sequel (4.13.0)
    sinatra (1.4.4)
      rack (~> 1.4)
      rack-protection (~> 1.4)
      tilt (~> 1.3, >= 1.3.4)
    sinatra-sequel (0.9.0)
      bacon
      sequel (>= 3.2.0)
      sinatra (>= 0.9.4)
    slop (3.6.0)
    tilt (1.4.1)

PLATFORMS
  ruby

DEPENDENCIES
  mysql2
  pry
  sequel
  sinatra
  sinatra-sequel
